GEM
  remote: http://rubygems.org/
  specs:
    daemons (1.1.8)
    serialport (1.0.4)

PLATFORMS
  ruby

DEPENDENCIES
  daemons
  serialport
